PATH
  remote: .
  specs:
    zakaria_greeter (0.1.0)

GEM
  remote: https://rubygems.org/
  specs:
    date (3.4.1)
    erb (5.1.1)
    io-console (0.8.1)
    irb (1.15.2)
      pp (>= 0.6.0)
      rdoc (>= 4.0.0)
      reline (>= 0.4.2)
    pp (0.6.3)
      prettyprint
    prettyprint (0.2.0)
    psych (5.2.6)
      date
      stringio
    rake (13.3.0)
    rdoc (6.15.0)
      erb
      psych (>= 4.0.0)
      tsort
    reline (0.6.2)
      io-console (~> 0.5)
    stringio (3.1.7)
    tsort (0.2.0)

PLATFORMS
  ruby
  x86_64-linux-gnu

DEPENDENCIES
  irb
  rake (~> 13.0)
  zakaria_greeter!

BUNDLED WITH
   2.7.2
